GIT
  remote: git://github.com/guiocavalcanti/stresser.git
  revision: 07db4a8e3f1897eb52012757e6dfc05b90ab5709
  specs:
    stresser (0.4.0)
      OptionParser
      gruff
      ruport
      trollop

GEM
  remote: http://rubygems.org/
  specs:
    OptionParser (0.5.1)
    color (1.4.1)
    fastercsv (1.5.5)
    gruff (0.3.6)
    pdf-writer (1.1.8)
      color (>= 1.4.0)
      transaction-simple (~> 1.3)
    rmagick (2.13.1)
    ruport (1.6.3)
      fastercsv
      pdf-writer (= 1.1.8)
    transaction-simple (1.4.0.2)
    trollop (1.16.2)

PLATFORMS
  ruby

DEPENDENCIES
  rmagick
  stresser!
