GEM
  remote: http://rubygems.org/
  specs:
    OptionParser (0.5.1)
    color (1.4.1)
    fastercsv (1.5.5)
    gruff (0.3.6)
    pdf-writer (1.1.8)
      color (>= 1.4.0)
      transaction-simple (~> 1.3)
    ruport (1.6.3)
      fastercsv
      pdf-writer (= 1.1.8)
    stresser (0.5.0)
      OptionParser
      gruff
      ruport
      trollop
    transaction-simple (1.4.0.2)
    trollop (1.16.2)

PLATFORMS
  ruby

DEPENDENCIES
  stresser
